PATH
  remote: .
  specs:
    http_multipart_parser (0.1.0)

GEM
  remote: https://rubygems.org/
  specs:
    minitest (5.11.3)
    rake (10.5.0)

PLATFORMS
  ruby

DEPENDENCIES
  bundler (~> 1.16)
  http_multipart_parser!
  minitest (~> 5.11)
  rake (~> 10.0)

BUNDLED WITH
   1.16.1
